GIT
  remote: git://github.com/banister/binding_of_caller.git
  revision: f3201fc1f35588cf8283685e904217c41ab71936
  specs:
    binding_of_caller (0.7.2)
      debug_inspector (>= 0.0.1)

GIT
  remote: git://github.com/codefellows/foundation-rails.git
  revision: 27643d3b087f22a7a5332e733daa66c8dd52f00d
  specs:
    foundation-rails (5.0.3.0)
      railties (>= 3.1.0)
      sass (>= 3.2.0)

GIT
  remote: git://github.com/heroku/rails_12factor.git
  revision: 3420a2ed828d82b63ed67be7e997aec60489dbd6
  specs:
    rails_12factor (0.0.2)
      rails_serve_static_assets
      rails_stdout_logging

GEM
  remote: https://rubygems.org/
  specs:
    actionmailer (4.0.2)
      actionpack (= 4.0.2)
      mail (~> 2.5.4)
    actionpack (4.0.2)
      activesupport (= 4.0.2)
      builder (~> 3.1.0)
      erubis (~> 2.7.0)
      rack (~> 1.5.2)
      rack-test (~> 0.6.2)
    activemodel (4.0.2)
      activesupport (= 4.0.2)
      builder (~> 3.1.0)
    activerecord (4.0.2)
      activemodel (= 4.0.2)
      activerecord-deprecated_finders (~> 1.0.2)
      activesupport (= 4.0.2)
      arel (~> 4.0.0)
    activerecord-deprecated_finders (1.0.3)
    activesupport (4.0.2)
      i18n (~> 0.6, >= 0.6.4)
      minitest (~> 4.2)
      multi_json (~> 1.3)
      thread_safe (~> 0.1)
      tzinfo (~> 0.3.37)
    ansi (1.4.3)
    arel (4.0.1)
    atomic (1.1.14)
    bcrypt-ruby (3.1.2)
    better_errors (1.1.0)
      coderay (>= 1.0.0)
      erubis (>= 2.6.6)
    builder (3.1.4)
    capybara (2.1.0)
      mime-types (>= 1.16)
      nokogiri (>= 1.3.3)
      rack (>= 1.0.0)
      rack-test (>= 0.5.4)
      xpath (~> 2.0)
    capybara-webkit (1.1.1)
      capybara (>= 2.0.2, < 2.2.0)
      json
    coderay (1.1.0)
    coffee-rails (4.0.1)
      coffee-script (>= 2.2.0)
      railties (>= 4.0.0, < 5.0)
    coffee-script (2.2.0)
      coffee-script-source
      execjs
    coffee-script-source (1.6.3)
    debug_inspector (0.0.2)
    erubis (2.7.0)
    execjs (2.0.2)
    factory_girl (4.3.0)
      activesupport (>= 3.0.0)
    factory_girl_rails (4.3.0)
      factory_girl (~> 4.3.0)
      railties (>= 3.0.0)
    hike (1.2.3)
    i18n (0.6.9)
    erubis (2.7.0)
    execjs (2.0.2)
    figaro (0.7.0)
      bundler (~> 1.0)
      rails (>= 3, < 5)
    hashie (2.0.5)
    hike (1.2.3)
    i18n (0.6.9)
    interception (0.4)
    jbuilder (1.5.3)
      activesupport (>= 3.0.0)
      multi_json (>= 1.2.0)
    jquery-rails (3.0.4)
      railties (>= 3.0, < 5.0)
      thor (>= 0.14, < 2.0)
    json (1.8.1)
    kgio (2.8.1)
    mail (2.5.4)
      mime-types (~> 1.16)
      treetop (~> 1.4.8)
    meta_request (0.2.1)
      rack-contrib
      rails
    method_source (0.8.2)
    mime-types (1.25.1)
    mini_portile (0.5.2)
    minitest (4.7.5)
    minitest-capybara (0.5.0)
      capybara (~> 2.1.0)
      minitest (~> 4.0)
      rake
    minitest-metadata (0.4.0)
      minitest (~> 4.7)
    minitest-rails (0.9.2)
      minitest (~> 4.7)
      rails (>= 3.0)
    minitest-rails-capybara (0.10.0)
      capybara (~> 2.0)
      minitest-capybara (~> 0.4)
      minitest-metadata (~> 0.4)
      minitest-rails (~> 0.9.1)
    multi_json (1.8.4)
    nokogiri (1.6.1)
      mini_portile (~> 0.5.0)
    oauth (0.4.7)
    omniauth (1.2.1)
      hashie (>= 1.2, < 3)
      rack (~> 1.0)
    omniauth-oauth (1.0.1)
      oauth
      omniauth (~> 1.0)
    omniauth-twitter (1.0.1)
      multi_json (~> 1.3)
      omniauth-oauth (~> 1.0)
    orm_adapter (0.5.0)
    pg (0.17.1)
    polyglot (0.3.3)
    pry (0.9.12.6)
      coderay (~> 1.0)
      method_source (~> 0.8)
      slop (~> 3.4)
    pry-rails (0.3.2)
      pry (>= 0.9.10)
    pry-rescue (1.3.1)
      interception (>= 0.4)
      pry
    pundit (0.2.1)
      activesupport (>= 3.0.0)
    rack (1.5.2)
    rack-contrib (1.1.0)
      rack (>= 0.9.1)
    rack-test (0.6.2)
      rack (>= 1.0)
    rails (4.0.2)
      actionmailer (= 4.0.2)
      actionpack (= 4.0.2)
      activerecord (= 4.0.2)
      activesupport (= 4.0.2)
      bundler (>= 1.3.0, < 2.0)
      railties (= 4.0.2)
      sprockets-rails (~> 2.0.0)
    rails_serve_static_assets (0.0.2)
    rails_stdout_logging (0.0.3)
    railties (4.0.2)
      actionpack (= 4.0.2)
      activesupport (= 4.0.2)
      rake (>= 0.8.7)
      thor (>= 0.18.1, < 2.0)
    raindrops (0.12.0)
    rake (10.1.1)
    rdoc (4.1.1)
      json (~> 1.4)
    sass (3.2.13)
    sass-rails (4.0.1)
      railties (>= 4.0.0, < 5.0)
      sass (>= 3.1.10)
      sprockets-rails (~> 2.0.0)
    sdoc (0.4.0)
      json (~> 1.8)
      rdoc (~> 4.0, < 5.0)
    simplecov (0.8.2)
      docile (~> 1.1.0)
      multi_json
      simplecov-html (~> 0.8.0)
    simplecov-html (0.8.0)
    slop (3.4.7)
    sprockets (2.10.1)
      hike (~> 1.2)
      multi_json (~> 1.0)
      rack (~> 1.0)
      tilt (~> 1.1, != 1.3.0)
    sprockets-rails (2.0.1)
      actionpack (>= 3.0)
      activesupport (>= 3.0)
      sprockets (~> 2.8)
    thor (0.18.1)
    thread_safe (0.1.3)
      atomic
    tilt (1.4.1)
    treetop (1.4.15)
      polyglot
      polyglot (>= 0.3.1)
    turbolinks (2.2.0)
      coffee-rails
    turn (0.9.6)
      ansi
    tzinfo (0.3.38)
    uglifier (2.4.0)
      execjs (>= 0.3.0)
      json (>= 1.8.0)
    unicorn (4.8.0)
      kgio (~> 2.6)
      rack
      raindrops (~> 0.7)
    xpath (2.0.0)
      nokogiri (~> 1.3)
    xpath (2.0.0)
      nokogiri (~> 1.3)

PLATFORMS
  ruby

DEPENDENCIES
  bcrypt-ruby (~> 3.1.2)
  better_errors
  binding_of_caller!
  capybara-webkit
  coffee-rails (~> 4.0.0)
  factory_girl_rails
  foundation-rails!
  jbuilder (~> 1.2)
  jquery-rails
  meta_request (= 0.2.1)
  minitest-rails
  minitest-rails-capybara
  omniauth-twitter
  pg
  pry-debugger!
  pry-rails
  pry-rescue
  pundit
  rack-contrib (= 1.1.0)
  rails (= 4.0.2)
  rails_12factor!
  sass-rails (~> 4.0.0)
  sdoc
  turbolinks
  turn
  uglifier (>= 1.3.0)
  unicorn
